PATH
  remote: el-dom
  specs:
    el-dom (0.1.0)

GEM
  remote: https://rubygems.org/
  specs:
    concurrent-ruby (1.1.8)
    crass (1.0.6)
    diff-lcs (1.4.4)
    rspec (3.10.0)
      rspec-core (~> 3.10.0)
      rspec-expectations (~> 3.10.0)
      rspec-mocks (~> 3.10.0)
    rspec-core (3.10.1)
      rspec-support (~> 3.10.0)
    rspec-expectations (3.10.1)
      diff-lcs (>= 1.2.0, < 2.0)
      rspec-support (~> 3.10.0)
    rspec-mocks (3.10.2)
      diff-lcs (>= 1.2.0, < 2.0)
      rspec-support (~> 3.10.0)
    rspec-support (3.10.2)
    yard (0.9.26)

PLATFORMS
  ruby

DEPENDENCIES
  concurrent-ruby
  crass
  el-dom!
  rspec
  yard

BUNDLED WITH
   2.2.16
