PATH
  remote: ../el-core
  specs:
    el-core (0.1.0)

GEM
  remote: https://rubygems.org/
  specs:
    coderay (1.1.3)
    ffi (1.15.5-java)
    method_source (1.0.0)
    minitest (5.15.0)
    minitest-autotest (1.1.1)
      minitest-server (~> 1.0)
      path_expander (~> 1.0)
    minitest-server (1.0.6)
      minitest (~> 5.0)
    nio4r (2.5.8)
    nio4r (2.5.8-java)
    path_expander (1.1.0)
    pry (0.14.1)
      coderay (~> 1.1)
      method_source (~> 1.0)
    pry (0.14.1-java)
      coderay (~> 1.1)
      method_source (~> 1.0)
      spoon (~> 0.0)
    puma (6.0.0)
      nio4r (~> 2.0)
    puma (6.0.0-java)
      nio4r (~> 2.0)
    rack (2.2.3.1)
    spoon (0.0.6)
      ffi

PLATFORMS
  arm64-darwin-21
  universal-java-18
  x86_64-darwin-20
  x86_64-linux

DEPENDENCIES
  el-core!
  minitest
  minitest-autotest
  pry
  puma
  rack

BUNDLED WITH
   2.3.8
