PATH
  remote: ../el-core
  specs:
    el-core (0.1.0)

GEM
  remote: https://rubygems.org/
  specs:
    minitest (5.15.0)
    rack (2.2.3)

PLATFORMS
  arm64-darwin-21
  x86_64-darwin-20

DEPENDENCIES
  el-core!
  minitest
  rack

BUNDLED WITH
   2.3.8
