PATH
  remote: ../el-core
  specs:
    el-core (0.1.0)

GEM
  remote: https://rubygems.org/
  specs:
    ast (2.4.2)
    coderay (1.1.3)
    ffi (1.15.5-java)
    json (2.6.2)
    json (2.6.2-java)
    method_source (1.0.0)
    minitest (5.15.0)
    minitest-autotest (1.1.1)
      minitest-server (~> 1.0)
      path_expander (~> 1.0)
    minitest-server (1.0.6)
      minitest (~> 5.0)
    nio4r (2.5.8)
    nio4r (2.5.8-java)
    parallel (1.22.1)
    parser (3.1.2.1)
      ast (~> 2.4.1)
    path_expander (1.1.0)
    pry (0.14.1)
      coderay (~> 1.1)
      method_source (~> 1.0)
    pry (0.14.1-java)
      coderay (~> 1.1)
      method_source (~> 1.0)
      spoon (~> 0.0)
    puma (6.0.0)
      nio4r (~> 2.0)
    puma (6.0.0-java)
      nio4r (~> 2.0)
    rack (2.2.6.2)
    rainbow (3.1.1)
    rake (13.0.6)
    rbs (2.7.0)
    regexp_parser (2.6.0)
    rexml (3.2.5)
    rubocop (1.38.0)
      json (~> 2.3)
      parallel (~> 1.10)
      parser (>= 3.1.2.1)
      rainbow (>= 2.2.2, < 4.0)
      regexp_parser (>= 1.8, < 3.0)
      rexml (>= 3.2.5, < 4.0)
      rubocop-ast (>= 1.23.0, < 2.0)
      ruby-progressbar (~> 1.7)
      unicode-display_width (>= 1.4.0, < 3.0)
    rubocop-ast (1.23.0)
      parser (>= 3.1.1.0)
    ruby-progressbar (1.11.0)
    spoon (0.0.6)
      ffi
    unicode-display_width (2.3.0)

PLATFORMS
  arm64-darwin-21
  universal-java-18
  x86_64-darwin-20
  x86_64-linux

DEPENDENCIES
  el-core!
  minitest
  minitest-autotest
  pry
  puma
  rack
  rake
  rbs
  rubocop

BUNDLED WITH
   2.3.11
