PATH
  remote: ../el-core
  specs:
    el-core (0.1.0)

PATH
  remote: ../el-db
  specs:
    el-db (0.1.0)
      sequel

GEM
  remote: https://rubygems.org/
  specs:
    diff-lcs (1.4.4)
    rspec (3.10.0)
      rspec-core (~> 3.10.0)
      rspec-expectations (~> 3.10.0)
      rspec-mocks (~> 3.10.0)
    rspec-core (3.10.1)
      rspec-support (~> 3.10.0)
    rspec-expectations (3.10.1)
      diff-lcs (>= 1.2.0, < 2.0)
      rspec-support (~> 3.10.0)
    rspec-mocks (3.10.2)
      diff-lcs (>= 1.2.0, < 2.0)
      rspec-support (~> 3.10.0)
    rspec-support (3.10.2)
    sequel (5.49.0)

PLATFORMS
  x86_64-darwin-20

DEPENDENCIES
  el-core!
  el-db!
  rspec

BUNDLED WITH
   2.2.16
