PATH
  remote: ../el-core
  specs:
    el-core (0.1.0)

PATH
  remote: ../el-modeling
  specs:
    el-modeling (0.1.0)
      el-core (~> 0.1.0)

PATH
  remote: ../el-routing
  specs:
    el-routing (0.1.0)
      el-core
      rack

PATH
  remote: .
  specs:
    el-application (0.1.0)
      el-core (~> 0.1.0)
      el-modeling (~> 0.1.0)
      el-routing (~> 0.1.0)

GEM
  remote: https://rubygems.org/
  specs:
    minitest (5.15.0)
    minitest-autotest (1.1.1)
      minitest-server (~> 1.0)
      path_expander (~> 1.0)
    minitest-server (1.0.6)
      minitest (~> 5.0)
    path_expander (1.1.0)
    rack (3.0.0)

PLATFORMS
  arm64-darwin-21

DEPENDENCIES
  el-application!
  el-core!
  el-modeling!
  el-routing!
  minitest
  minitest-autotest

BUNDLED WITH
   2.3.11
