PATH
  remote: ../el-core
  specs:
    el-core (0.1.0)

PATH
  remote: .
  specs:
    el-modeling (0.1.0)
      el-core (~> 0.1.0)

GEM
  remote: https://rubygems.org/
  specs:
    minitest (5.15.0)
    minitest-autotest (1.1.1)
      minitest-server (~> 1.0)
      path_expander (~> 1.0)
    minitest-server (1.0.6)
      minitest (~> 5.0)
    path_expander (1.1.0)

PLATFORMS
  arm64-darwin-21
  universal-java-18
  universal-java-20
  x86_64-darwin-20

DEPENDENCIES
  el-core!
  el-modeling!
  minitest
  minitest-autotest

BUNDLED WITH
   2.3.8
